GEM
  specs:
    curses (1.0.1)

PLATFORMS
  ruby

DEPENDENCIES
  curses (~> 1.0.1)
